GEM
  remote: https://rubygems.org/
  specs:
    bcrypt (3.1.19)
    bigdecimal (3.1.4)
    dotenv (2.8.1)
    figaro (1.2.0)
      thor (>= 0.14.0, < 2)
    json (2.6.3)
    net-http (0.3.2)
      uri
    nio4r (2.5.9)
    pg (1.5.4)
    puma (6.4.0)
      nio4r (~> 2.0)
    rack (3.0.8)
    roda (3.72.0)
      rack
    sequel (5.73.0)
      bigdecimal
    sequel-seed (1.1.2)
      sequel (>= 4.49.0)
    sqlite3 (1.6.6-x86_64-darwin)
    thor (1.2.2)
    uri (0.12.2)

PLATFORMS
  x86_64-darwin-22

DEPENDENCIES
  bcrypt
  dotenv
  figaro
  json
  net-http
  pg
  puma
  roda
  sequel
  sequel-seed
  sqlite3

BUNDLED WITH
   2.4.7
